GEM
  remote: http://rubygems.org/
  remote: http://gems.neurogami.com/
  specs:
    builder (3.1.4)
    eventmachine (1.0.0)
    eventmachine (1.0.0-java)
    hoe (3.5.0)
      rake (>= 0.8, < 11.0)
    monkeybars (1.1.2)
      rawr (>= 1.4.4)
      swingset (>= 0.3.0)
    rake (10.0.3)
    rawr (1.6.4)
      rubyzip
      user-choices
    rubyzip (2.0.0)
    s4t-utils (1.0.4)
      hoe (>= 1.3.0)
    state_machine (1.1.2)
    swingset (0.3.0)
    user-choices (1.1.6.1)
      builder (>= 2.1.2)
      s4t-utils (>= 1.0.3)
      xml-simple (>= 1.0.11)
    xml-simple (1.1.2)

PLATFORMS
  java
  ruby

DEPENDENCIES
  eventmachine
  monkeybars (>= 1.1.1)
  state_machine
