GEM
  remote: http://rubygems.org/
  remote: http://gems.neurogami.com/
  specs:
    builder (3.0.0)
    hoe (2.12.3)
      rake (~> 0.8)
    monkeybars (1.1.1)
      rawr (>= 1.4.4)
      swingset (>= 0.3.0)
    rake (0.9.2.2)
    rawr (1.4.5)
      rubyzip
      user-choices
    rubyzip (0.9.4)
    s4t-utils (1.0.4)
      hoe (>= 1.3.0)
    swingset (0.3.0)
    user-choices (1.1.6.1)
      builder (>= 2.1.2)
      s4t-utils (>= 1.0.3)
      xml-simple (>= 1.0.11)
    xml-simple (1.1.1)

PLATFORMS
  java

DEPENDENCIES
  monkeybars (>= 1.1.1)
